GEM
  remote: https://rubygems.org/
  specs:
    airbrussh (1.4.2)
      sshkit (>= 1.6.1, != 1.7.0)
    bcrypt_pbkdf (1.1.0)
    capistrano (3.17.3)
      airbrussh (>= 1.0.0)
      i18n
      rake (>= 10.0.0)
      sshkit (>= 1.9.0)
    capistrano-bundler (2.0.1)
      capistrano (~> 3.1)
    capistrano-passenger (0.2.1)
      capistrano (~> 3.0)
    capistrano-pm2 (1.0.5)
      capistrano (>= 3.0.0)
    capistrano-rails (1.6.3)
      capistrano (~> 3.1)
      capistrano-bundler (>= 1.1, < 3)
    capistrano-rvm (0.1.2)
      capistrano (~> 3.0)
      sshkit (~> 1.2)
    concurrent-ruby (1.2.2)
    ed25519 (1.3.0)
    i18n (1.14.1)
      concurrent-ruby (~> 1.0)
    net-scp (4.0.0)
      net-ssh (>= 2.6.5, < 8.0.0)
    net-ssh (7.0.0.beta1)
    rake (13.0.6)
    sshkit (1.21.5)
      net-scp (>= 1.1.2)
      net-ssh (>= 2.8.0)

PLATFORMS
  x86_64-darwin-22

DEPENDENCIES
  bcrypt_pbkdf
  capistrano (~> 3.17)
  capistrano-bundler (~> 2.0.1)
  capistrano-passenger
  capistrano-pm2
  capistrano-rails (~> 1.6.1)
  capistrano-rvm (~> 0.1.2)
  ed25519
  net-ssh (= 7.0.0.beta1)

BUNDLED WITH
   2.4.17
